GEM
  remote: https://rubygems.org/
  specs:
    cool.io (1.1.0)
      iobuffer (>= 1.0.0)
    daemons (1.1.9)
    eventmachine (1.0.3)
    fluentd (0.10.32)
      cool.io (~> 1.1.0)
      http_parser.rb (~> 0.5.1)
      json (>= 1.4.3)
      msgpack (~> 0.4.4)
      yajl-ruby (~> 1.0)
    haml (4.0.1)
      tilt
    http_parser.rb (0.5.3)
    iobuffer (1.1.2)
    json (1.7.7)
    msgpack (0.4.7)
    rack (1.5.2)
    rack-protection (1.5.0)
      rack
    shotgun (0.9)
      rack (>= 1.0)
    sinatra (1.4.2)
      rack (~> 1.5, >= 1.5.2)
      rack-protection (~> 1.4)
      tilt (~> 1.3, >= 1.3.4)
    thin (1.5.1)
      daemons (>= 1.0.9)
      eventmachine (>= 0.12.6)
      rack (>= 1.0.0)
    tilt (1.3.6)
    yajl-ruby (1.1.0)

PLATFORMS
  ruby

DEPENDENCIES
  fluentd
  haml
  shotgun
  sinatra
  thin
