GEM
  remote: http://rubygems.org/
  specs:
    cool.io (1.1.0)
      iobuffer (>= 1.0.0)
    daemons (1.1.9)
    eventmachine (1.0.0)
    fluentd (0.10.27)
      cool.io (~> 1.1.0)
      http_parser.rb (~> 0.5.1)
      json (>= 1.4.3)
      msgpack (~> 0.4.4)
      yajl-ruby (~> 1.0)
    haml (3.1.7)
    http_parser.rb (0.5.3)
    iobuffer (1.1.2)
    json (1.7.5)
    msgpack (0.4.7)
    rack (1.4.1)
    rack-protection (1.2.0)
      rack
    shotgun (0.9)
      rack (>= 1.0)
    sinatra (1.3.3)
      rack (~> 1.3, >= 1.3.6)
      rack-protection (~> 1.2)
      tilt (~> 1.3, >= 1.3.3)
    thin (1.5.0)
      daemons (>= 1.0.9)
      eventmachine (>= 0.12.6)
      rack (>= 1.0.0)
    tilt (1.3.3)
    yajl-ruby (1.1.0)

PLATFORMS
  ruby

DEPENDENCIES
  fluentd
  haml
  shotgun
  sinatra
  thin
